PATH
  remote: .
  specs:
    rush (0.6.8)
      session

GEM
  remote: http://rubygems.org/
  specs:
    coderay (1.1.0)
    fattr (2.2.0)
    git (1.2.5)
    jeweler (1.8.3)
      bundler (~> 1.0)
      git (>= 1.2.5)
      rake
      rdoc
    json (1.6.5)
    method_source (0.8.2)
    pry (0.10.1)
      coderay (~> 1.1.0)
      method_source (~> 0.8.1)
      slop (~> 3.4)
    rake (0.9.2.2)
    rdoc (3.12)
      json (~> 1.4)
    rspec (1.2.9)
    session (3.1.0)
      fattr
    slop (3.6.0)

PLATFORMS
  ruby

DEPENDENCIES
  jeweler (>= 1.8.3)
  pry
  rake (>= 0.9.0)
  rspec (~> 1.2.0)
  rush!

BUNDLED WITH
   1.10.6
