PATH
  remote: .
  specs:
    rush (0.6.8)
      session

GEM
  remote: http://rubygems.org/
  specs:
    addressable (2.8.1)
      public_suffix (>= 2.0.2, < 6.0)
    fattr (2.2.0)
    git (1.13.0)
      addressable (~> 2.8)
      rchardet (~> 1.8)
    jeweler (1.8.3)
      bundler (~> 1.0)
      git (>= 1.2.5)
      rake
      rdoc
    json (1.6.5)
    public_suffix (5.0.1)
    rake (0.9.2.2)
    rchardet (1.8.0)
    rdoc (3.12)
      json (~> 1.4)
    rspec (1.2.9)
    session (3.1.0)
      fattr

PLATFORMS
  ruby

DEPENDENCIES
  jeweler (>= 1.8.3)
  rake (>= 0.9.0)
  rspec (~> 1.2.0)
  rush!
